GEM
  remote: https://rubygems.org/
  specs:
    diff-lcs (1.3)
    rspec-core (3.7.1)
      rspec-support (~> 3.7.0)
    rspec-expectations (3.7.0)
      diff-lcs (>= 1.2.0, < 2.0)
      rspec-support (~> 3.7.0)
    rspec-support (3.7.1)

PLATFORMS
  ruby

DEPENDENCIES
  rspec-core
  rspec-expectations

BUNDLED WITH
   1.16.1
